{
  "AcquisitionMatrixPE": 256,
  "AcquisitionNumber": 1,
  "AcquisitionTime": "12:00:2.915000",
  "BaseResolution": 256,
  "BodyPartExamined": "BRAIN",
  "ConsistencyInfo": "N4_VE11C_LATEST_20160120",
  "ConversionSoftware": "dcm2niix",
  "ConversionSoftwareVersion": "v1.0.20201102",
  "DeviceSerialNumber": "45758",
  "DwellTime": 1.5e-05,
  "EchoTime": 0.00344,
  "FlipAngle": 9,
  "ImageOrientationPatientDICOM": [0.0399708, 0.999177, -0.00697884, 0.026023, -0.00802302, -0.999629],
  "ImageType": [
    "ORIGINAL",
    "PRIMARY",
    "M",
    "ND",
    "NORM"
],
  "ImagingFrequency": 123.2,
  "InPlanePhaseEncodingDirectionDICOM": "ROW",
  "InstitutionAddress": "Street StreetNo,City /652E4B/,District,KR,ZIP",
  "InstitutionName": "DGMIF",
  "InstitutionalDepartmentName": "Department",
  "InversionTime": 1.15,
  "MRAcquisitionType": "3D",
  "MagneticFieldStrength": 3,
  "Manufacturer": "Siemens",
  "ManufacturersModelName": "Skyra",
  "Modality": "MR",
  "ParallelReductionFactorInPlane": 2,
  "PartialFourier": 1,
  "PatientPosition": "HFS",
  "PercentPhaseFOV": 100,
  "PercentSampling": 100,
  "PhaseEncodingSteps": 461,
  "PhaseOversampling": 0.8,
  "PhaseResolution": 1,
  "PixelBandwidth": 130,
  "ProcedureStepDescription": "DGMIF^DGIST",
  "ProtocolName": "MPRAGE_DGIST",
  "PulseSequenceDetails": "%SiemensSeq%\\tfl",
  "ReceiveCoilActiveElements": "HC1-7;NC1",
  "ReceiveCoilName": "HeadNeck_64",
  "ReconMatrixPE": 256,
  "RefLinesPE": 38,
  "RepetitionTime": 2.3,
  "SAR": 0.0562781,
  "ScanOptions": "IR",
  "ScanningSequence": "GR\\IR",
  "SequenceName": "*tfl3d1_16",
  "SequenceVariant": "SK\\SP\\MP\\OSP",
  "SeriesDescription": "MPRAGE_DGIST",
  "SeriesNumber": 6,
  "ShimSetting": [-9724, -13881, -8389, -3, -208, 174, -289, -66],
  "SliceThickness": 1,
  "SoftwareVersions": "syngo MR E11",
  "StationName": "AWP45758",
  "TxRefAmp": 332.13,
  "dcmmeta_affine": [
    [0.9988619089126587, 0.03997082635760307, 0.026023034006357193, -96.22374725341797],
    [-0.039774391800165176, 0.9991765022277832, -0.008023024536669254, -139.2171173095703],
    [-0.026322290301322937, 0.0069788433611392975, 0.9996291399002075, -151.694580078125],
    [0.0, 0.0, 0.0, 1.0]
],
  "dcmmeta_reorient_transform": [
    [0.0, 0.0, -1.0, 255.0],
    [0.0, -1.0, 0.0, 255.0],
    [-1.0, 0.0, 0.0, 175.0],
    [0.0, 0.0, 0.0, 1.0]
],
  "dcmmeta_shape": [176, 256, 256],
  "dcmmeta_slice_dim": 0,
  "dcmmeta_version": 0.6,
  "global": {
    "const": {
      "AcquisitionMatrix": [0, 256, 256, 0],
      "AcquisitionNumber": 1,
      "AcquisitionTime": "120002.915000",
      "AngioFlag": "N",
      "BitsAllocated": 16,
      "BitsStored": 12,
      "BodyPartExamined": "BRAIN",
      "Columns": 256,
      "EchoNumbers": 1,
      "EchoTime": 3.44,
      "EchoTrainLength": 1,
      "FlipAngle": 9.0,
      "HighBit": 11,
      "ImageOrientationPatient": [0.03997082623205, 0.9991764752999, -0.0069788435709, 0.02602303484036, -0.0080230248127, -0.9996291475995],
      "ImageType": [
        "ORIGINAL",
        "PRIMARY",
        "M",
        "ND",
        "NORM"
],
      "ImagedNucleus": "1H",
      "ImagingFrequency": 123.2003,
      "InPlanePhaseEncodingDirection": "ROW",
      "InversionTime": 1150.0,
      "MRAcquisitionType": "3D",
      "MagneticFieldStrength": 3.0,
      "Manufacturer": "SIEMENS",
      "ManufacturerModelName": "Skyra",
      "Modality": "MR",
      "NumberOfAverages": 1.0,
      "NumberOfPhaseEncodingSteps": 461,
      "PercentPhaseFieldOfView": 100.0,
      "PercentSampling": 100.0,
      "PerformedProcedureStepStartTime": "105326.134000",
      "PhotometricInterpretation": "MONOCHROME2",
      "PixelBandwidth": 130.0,
      "PixelRepresentation": 0,
      "PixelSpacing": [1.0, 1.0],
      "ProtocolName": "MPRAGE_DGIST",
      "RepetitionTime": 2300.0,
      "Rows": 256,
      "SAR": 0.05627814754942,
      "SamplesPerPixel": 1,
      "ScanOptions": "IR",
      "ScanningSequence": [
        "GR",
        "IR"
],
      "SequenceName": "*tfl3d1_16",
      "SequenceVariant": [
        "SK",
        "SP",
        "MP",
        "OSP"
],
      "SeriesDescription": "MPRAGE_DGIST",
      "SeriesNumber": 6,
      "SeriesTime": "120950.281000",
      "SliceThickness": 1.0,
      "SmallestImagePixelValue": 0,
      "SoftwareVersions": "syngo MR E11",
      "SpecificCharacterSet": "ISO_IR 100",
      "StudyID": "1",
      "StudyTime": "105326.076000",
      "TransmitCoilName": "Body",
      "VariableFlipAngleFlag": "N",
      "WindowCenterWidthExplanation": "Algo1",
      "dBdt": 0.0},
