{
  "AcquisitionMatrixPE": 64,
  "AcquisitionNumber": 1,
  "AcquisitionTime": "15:35:1.912500",
  "BandwidthPerPixelPhaseEncode": 25.202,
  "BaseResolution": 64,
  "BodyPartExamined": "BRAIN",
  "ConsistencyInfo": "N4_VE11C_LATEST_20160120",
  "ConversionSoftware": "dcm2niix",
  "ConversionSoftwareVersion": "v1.0.20201102",
  "DerivedVendorReportedEchoSpacing": 0.00061999,
  "DeviceSerialNumber": "45758",
  "DwellTime": 4.3e-06,
  "EchoTime": 0.03,
  "EchoTrainLength": 64,
  "EffectiveEchoSpacing": 0.00061999,
  "FlipAngle": 90,
  "ImageOrientationPatientDICOM": [0.998804, -0.000402592, 0.0488848, -1.9509e-11, 0.999966, 0.00823524],
  "ImageType": [
    "ORIGINAL",
    "PRIMARY",
    "M",
    "ND",
    "MOSAIC"
],
  "ImagingFrequency": 123.2,
  "InPlanePhaseEncodingDirectionDICOM": "ROW",
  "InstitutionAddress": "Street StreetNo,City /652E4B/,District,KR,ZIP",
  "InstitutionName": "DGMIF",
  "InstitutionalDepartmentName": "Department",
  "MRAcquisitionType": "2D",
  "MagneticFieldStrength": 3,
  "Manufacturer": "Siemens",
  "ManufacturersModelName": "Skyra",
  "Modality": "MR",
  "PartialFourier": 1,
  "PatientPosition": "HFS",
  "PercentPhaseFOV": 100,
  "PercentSampling": 100,
  "PhaseEncodingDirection": "i",
  "PhaseEncodingSteps": 64,
  "PhaseResolution": 1,
  "PixelBandwidth": 1815,
  "ProcedureStepDescription": "DGMIF^DGIST",
  "ProtocolName": "EPI_DGIST_1",
  "PulseSequenceDetails": "%SiemensSeq%\\ep2d_bold",
  "ReceiveCoilActiveElements": "HC1-6",
  "ReceiveCoilName": "HeadNeck_64",
  "ReconMatrixPE": 64,
  "RepetitionTime": 2,
  "SAR": 0.120275,
  "ScanOptions": "FS",
  "ScanningSequence": "EP",
  "SequenceName": "*epfid2d1_64",
  "SequenceVariant": "SK",
  "SeriesDescription": "EPI_DGIST_1",
  "SeriesNumber": 2,
  "ShimSetting": [-9741, -13668, -8228, 464, -450, -291, -414, -70],
  "SliceThickness": 4,
  "SliceTiming": [0.99, 0, 1.055, 0.065, 1.12, 0.1325, 1.1875, 0.1975, 1.2525, 0.2625, 1.32, 0.33, 1.385, 0.395, 1.45, 0.4625, 1.5175, 0.5275, 1.5825, 0.5925, 1.65, 0.66, 1.715, 0.725, 1.78, 0.79, 1.8475, 0.8575, 1.9125, 0.9225],
  "SoftwareVersions": "syngo MR E11",
  "SpacingBetweenSlices": 4.8,
  "StationName": "AWP45758",
  "TaskName": "asrt",
  "TotalReadoutTime": 0.0390594,
  "TxRefAmp": 314.165,
  "dcmmeta_affine": [
    [-2.996412992477417, -5.852700268871303e-11, 0.23465503752231598, 91.0963363647461],
    [0.001207775087095797, 2.9998981952667236, 0.03948188200592995, -119.17548370361328],
    [0.1466544270515442, -0.024705715477466583, 4.794098377227783, -85.09469604492188],
    [0.0, 0.0, 0.0, 1.0]
],
  "dcmmeta_reorient_transform": [
    [0.0, -1.0, 0.0, 63.0],
    [1.0, 0.0, 0.0, 0.0],
    [0.0, 0.0, 1.0, 0.0],
    [0.0, 0.0, 0.0, 1.0]
],
  "dcmmeta_shape": [64, 64, 30, 514],
  "dcmmeta_slice_dim": 2,
  "dcmmeta_version": 0.6,
  "global": {
    "const": {
      "AcquisitionMatrix": [0, 64, 64, 0],
      "AngioFlag": "N",
      "BitsAllocated": 16,
      "BitsStored": 12,
      "BodyPartExamined": "BRAIN",
      "Columns": 384,
      "EchoNumbers": 1,
      "EchoTime": 30.0,
      "EchoTrainLength": 64,
      "FlipAngle": 90.0,
      "HighBit": 11,
      "ImageOrientationPatient": [0.99880434188502, -0.0004025916782, 0.04888480900613, -1.9509e-11, 0.99996608985108, 0.00823523818367],
      "ImagePositionPatient": [-570.52242247368, -549.60858318733, -114.06878023797],
      "ImageType": [
        "ORIGINAL",
        "PRIMARY",
        "M",
        "ND",
        "MOSAIC"
],
      "ImagedNucleus": "1H",
      "ImagingFrequency": 123.200158,
      "InPlanePhaseEncodingDirection": "ROW",
      "MRAcquisitionType": "2D",
      "MagneticFieldStrength": 3.0,
      "Manufacturer": "SIEMENS",
      "ManufacturerModelName": "Skyra",
      "Modality": "MR",
      "NumberOfAverages": 1.0,
      "NumberOfPhaseEncodingSteps": 64,
      "PercentPhaseFieldOfView": 100.0,
      "PercentSampling": 100.0,
      "PerformedProcedureStepStartTime": "153046.529000",
      "PhotometricInterpretation": "MONOCHROME2",
      "PixelBandwidth": 1815.0,
      "PixelRepresentation": 0,
      "PixelSpacing": [3.0, 3.0],
      "ProtocolName": "EPI_DGIST_1",
      "RepetitionTime": 2000.0,
      "Rows": 384,
      "SAR": 0.12027479551444,
      "SamplesPerPixel": 1,
      "ScanOptions": "FS",
      "ScanningSequence": "EP",
      "SequenceName": "*epfid2d1_64",
      "SequenceVariant": "SK",
      "SeriesDescription": "EPI_DGIST_1",
      "SeriesNumber": 2,
      "SeriesTime": "153546.591000",
      "SliceLocation": -81.516958218693,
      "SliceThickness": 4.0,
      "SmallestImagePixelValue": 0,
      "SoftwareVersions": "syngo MR E11",
      "SpacingBetweenSlices": 4.8000000279493,
      "SpecificCharacterSet": "ISO_IR 100",
      "StudyID": "1",
      "StudyTime": "153046.486000",
      "TransmitCoilName": "Body",
      "VariableFlipAngleFlag": "N",
      "WindowCenterWidthExplanation": "Algo1",
      "dBdt": 0.0},
