{
  "AcquisitionMatrixPE": 256,
  "AcquisitionNumber": 1,
  "AcquisitionTime": "12:03:31.975000",
  "BaseResolution": 256,
  "BodyPartExamined": "BRAIN",
  "ConsistencyInfo": "N4_VD13C_LATEST_20121124",
  "ConversionSoftware": "dcm2niix",
  "ConversionSoftwareVersion": "v1.0.20201102",
  "DeviceSerialNumber": "45758",
  "DwellTime": 1.5e-05,
  "EchoTime": 0.00344,
  "FlipAngle": 9,
  "ImageOrientationPatientDICOM": [0.00293016, 0.99999, -0.00348985, 0.0220619, -0.00355366, -0.99975],
  "ImageType": [
    "ORIGINAL",
    "PRIMARY",
    "M",
    "ND",
    "NORM"
],
  "ImagingFrequency": 123.2,
  "InPlanePhaseEncodingDirectionDICOM": "ROW",
  "InstitutionAddress": "Street StreetNo,City /652E4B/,District,KR,ZIP",
  "InstitutionName": "DGMIF",
  "InstitutionalDepartmentName": "Department",
  "InversionTime": 1.15,
  "MRAcquisitionType": "3D",
  "MagneticFieldStrength": 3,
  "Manufacturer": "Siemens",
  "ManufacturersModelName": "Skyra",
  "Modality": "MR",
  "ParallelReductionFactorInPlane": 2,
  "PartialFourier": 1,
  "PatientPosition": "HFS",
  "PercentPhaseFOV": 100,
  "PercentSampling": 100,
  "PhaseEncodingSteps": 461,
  "PhaseOversampling": 0.8,
  "PhaseResolution": 1,
  "PixelBandwidth": 130,
  "ProcedureStepDescription": "DGMIF^DGIST_Jeon",
  "ProtocolName": "MPRAGE_DGIST",
  "PulseSequenceDetails": "%SiemensSeq%\\tfl",
  "ReceiveCoilActiveElements": "HC1-7;NC1",
  "ReceiveCoilName": "HeadNeck_64",
  "ReconMatrixPE": 256,
  "RefLinesPE": 38,
  "RepetitionTime": 2.3,
  "SAR": 0.0607076,
  "ScanOptions": "IR",
  "ScanningSequence": "GR\\IR",
  "SequenceName": "*tfl3d1_16",
  "SequenceVariant": "SK\\SP\\MP\\OSP",
  "SeriesDescription": "MPRAGE_DGIST",
  "SeriesNumber": 6,
  "ShimSetting": [-9713, -13655, -8433, 16, -338, 344, -312, -178],
  "SliceThickness": 1,
  "SoftwareVersions": "syngo MR D13C",
  "StationName": "AWP45758",
  "TxRefAmp": 314.499,
  "dcmmeta_affine": [
    [0.9997523427009583, 0.00293015968054533, 0.022061888128519058, -92.5474624633789],
    [-0.0028524352237582207, 0.9999896287918091, -0.0035536603536456823, -153.50900268554688],
    [-0.022072073072195053, 0.003489850088953972, 0.9997503161430359, -149.29150390625],
    [0.0, 0.0, 0.0, 1.0]
],
  "dcmmeta_reorient_transform": [
    [0.0, 0.0, -1.0, 255.0],
    [0.0, -1.0, 0.0, 255.0],
    [-1.0, 0.0, 0.0, 175.0],
    [0.0, 0.0, 0.0, 1.0]
],
  "dcmmeta_shape": [176, 256, 256],
  "dcmmeta_slice_dim": 0,
  "dcmmeta_version": 0.6,
  "global": {
    "const": {
      "AcquisitionMatrix": [0, 256, 256, 0],
      "AcquisitionNumber": 1,
      "AcquisitionTime": "120331.975000",
      "AngioFlag": "N",
      "BitsAllocated": 16,
      "BitsStored": 12,
      "BodyPartExamined": "BRAIN",
      "Columns": 256,
      "EchoNumbers": 1,
      "EchoTime": 3.44,
      "EchoTrainLength": 1,
      "FlipAngle": 9.0,
      "HighBit": 11,
      "ImageOrientationPatient": [0.00293015958781, 0.99998961750141, -0.0034898501641, 0.02206188876867, -0.0035536604683, -0.9997502911034],
      "ImageType": [
        "ORIGINAL",
        "PRIMARY",
        "M",
        "ND",
        "NORM"
],
      "ImagedNucleus": "1H",
      "ImagingFrequency": 123.200205,
      "InPlanePhaseEncodingDirection": "ROW",
      "InversionTime": 1150.0,
      "MRAcquisitionType": "3D",
      "MagneticFieldStrength": 3.0,
      "Manufacturer": "SIEMENS",
      "ManufacturerModelName": "Skyra",
      "Modality": "MR",
      "NumberOfAverages": 1.0,
      "NumberOfPhaseEncodingSteps": 461,
      "PercentPhaseFieldOfView": 100.0,
      "PercentSampling": 100.0,
      "PerformedProcedureStepStartTime": "105252.044000",
      "PhotometricInterpretation": "MONOCHROME2",
      "PixelBandwidth": 130.0,
      "PixelRepresentation": 0,
      "PixelSpacing": [1.0, 1.0],
      "ProtocolName": "MPRAGE_DGIST",
      "RepetitionTime": 2300.0,
      "Rows": 256,
      "SAR": 0.06070758111872,
      "SamplesPerPixel": 1,
      "ScanOptions": "IR",
      "ScanningSequence": [
        "GR",
        "IR"
],
      "SequenceName": "*tfl3d1_16",
      "SequenceVariant": [
        "SK",
        "SP",
        "MP",
        "OSP"
],
      "SeriesDescription": "MPRAGE_DGIST",
      "SeriesNumber": 6,
      "SeriesTime": "121309.502000",
      "SliceThickness": 1.0,
      "SmallestImagePixelValue": 0,
      "SoftwareVersions": "syngo MR D13C",
      "SpecificCharacterSet": "ISO_IR 100",
      "StudyID": "1",
      "StudyTime": "105251.985000",
      "TimeOfLastCalibration": ["123723.000000", "123723.000000"],
      "TransmitCoilName": "Body",
      "VariableFlipAngleFlag": "N",
      "WindowCenterWidthExplanation": "Algo1",
      "dBdt": 0.0},
