{
  "AcquisitionMatrixPE": 256,
  "AcquisitionNumber": 1,
  "AcquisitionTime": "13:48:45.925000",
  "BaseResolution": 256,
  "BodyPartExamined": "BRAIN",
  "ConsistencyInfo": "N4_VE11C_LATEST_20160120",
  "ConversionSoftware": "dcm2niix",
  "ConversionSoftwareVersion": "v1.0.20201102",
  "DeviceSerialNumber": "45758",
  "DwellTime": 1.5e-05,
  "EchoTime": 0.00344,
  "FlipAngle": 9,
  "ImageOrientationPatientDICOM": [0.00595106, 0.999982, 5.78705e-08, 0.00371519, -2.20518e-05, -0.999993],
  "ImageType": [
    "ORIGINAL",
    "PRIMARY",
    "M",
    "ND",
    "NORM"
],
  "ImagingFrequency": 123.2,
  "InPlanePhaseEncodingDirectionDICOM": "ROW",
  "InstitutionAddress": "Street StreetNo,City /652E4B/,District,KR,ZIP",
  "InstitutionName": "DGMIF",
  "InstitutionalDepartmentName": "Department",
  "InversionTime": 1.15,
  "MRAcquisitionType": "3D",
  "MagneticFieldStrength": 3,
  "Manufacturer": "Siemens",
  "ManufacturersModelName": "Skyra",
  "Modality": "MR",
  "ParallelReductionFactorInPlane": 2,
  "PartialFourier": 1,
  "PatientPosition": "HFS",
  "PercentPhaseFOV": 100,
  "PercentSampling": 100,
  "PhaseEncodingSteps": 461,
  "PhaseOversampling": 0.8,
  "PhaseResolution": 1,
  "PixelBandwidth": 130,
  "ProcedureStepDescription": "DGMIF^DGIST",
  "ProtocolName": "MPRAGE_DGIST",
  "PulseSequenceDetails": "%SiemensSeq%\\tfl",
  "ReceiveCoilActiveElements": "HC1-7;NC1,2",
  "ReceiveCoilName": "HeadNeck_64",
  "ReconMatrixPE": 256,
  "RefLinesPE": 38,
  "RepetitionTime": 2.3,
  "SAR": 0.0651553,
  "ScanOptions": "IR",
  "ScanningSequence": "GR\\IR",
  "SequenceName": "*tfl3d1_16",
  "SequenceVariant": "SK\\SP\\MP\\OSP",
  "SeriesDescription": "MPRAGE_DGIST",
  "SeriesNumber": 6,
  "ShimSetting": [-9724, -13881, -8389, -3, -208, 174, -289, -66],
  "SliceThickness": 1,
  "SoftwareVersions": "syngo MR E11",
  "StationName": "AWP45758",
  "TxRefAmp": 318.968,
  "dcmmeta_affine": [
    [0.9999753832817078, 0.005951060447841883, 0.0037151912692934275, -90.1849365234375],
    [-0.005951019935309887, 0.9999822974205017, -2.2051848645787686e-05, -149.3682861328125],
    [-0.003715256694704294, -5.787047996363981e-08, 0.999993085861206, -134.21426391601562],
    [0.0, 0.0, 0.0, 1.0]
],
  "dcmmeta_reorient_transform": [
    [0.0, 0.0, -1.0, 255.0],
    [0.0, -1.0, 0.0, 255.0],
    [-1.0, 0.0, 0.0, 175.0],
    [0.0, 0.0, 0.0, 1.0]
],
  "dcmmeta_shape": [176, 256, 256],
  "dcmmeta_slice_dim": 0,
  "dcmmeta_version": 0.6,
  "global": {
    "const": {
      "AcquisitionMatrix": [0, 256, 256, 0],
      "AcquisitionNumber": 1,
      "AcquisitionTime": "134845.925000",
      "AngioFlag": "N",
      "BitsAllocated": 16,
      "BitsStored": 12,
      "BodyPartExamined": "BRAIN",
      "Columns": 256,
      "EchoNumbers": 1,
      "EchoTime": 3.44,
      "EchoTrainLength": 1,
      "FlipAngle": 9.0,
      "HighBit": 11,
      "ImageOrientationPatient": [0.00595106057239, 0.99998229228225, 5.787048e-08, 0.00371519134309, -2.20518491e-05, -0.9999930984097],
      "ImageType": [
        "ORIGINAL",
        "PRIMARY",
        "M",
        "ND",
        "NORM"
],
      "ImagedNucleus": "1H",
      "ImagingFrequency": 123.20025,
      "InPlanePhaseEncodingDirection": "ROW",
      "InversionTime": 1150.0,
      "MRAcquisitionType": "3D",
      "MagneticFieldStrength": 3.0,
      "Manufacturer": "SIEMENS",
      "ManufacturerModelName": "Skyra",
      "Modality": "MR",
      "NumberOfAverages": 1.0,
      "NumberOfPhaseEncodingSteps": 461,
      "PercentPhaseFieldOfView": 100.0,
      "PercentSampling": 100.0,
      "PerformedProcedureStepStartTime": "124122.220000",
      "PhotometricInterpretation": "MONOCHROME2",
      "PixelBandwidth": 130.0,
      "PixelRepresentation": 0,
      "PixelSpacing": [1.0, 1.0],
      "ProtocolName": "MPRAGE_DGIST",
      "RepetitionTime": 2300.0,
      "Rows": 256,
      "SAR": 0.06515529352692,
      "SamplesPerPixel": 1,
      "ScanOptions": "IR",
      "ScanningSequence": [
        "GR",
        "IR"
],
      "SequenceName": "*tfl3d1_16",
      "SequenceVariant": [
        "SK",
        "SP",
        "MP",
        "OSP"
],
      "SeriesDescription": "MPRAGE_DGIST",
      "SeriesNumber": 6,
      "SeriesTime": "135835.565000",
      "SliceThickness": 1.0,
      "SmallestImagePixelValue": 0,
      "SoftwareVersions": "syngo MR E11",
      "SpecificCharacterSet": "ISO_IR 100",
      "StudyID": "1",
      "StudyTime": "124122.151000",
      "TransmitCoilName": "Body",
      "VariableFlipAngleFlag": "N",
      "WindowCenterWidthExplanation": "Algo1",
      "dBdt": 0.0},
