{
  "AcquisitionMatrixPE": 64,
  "AcquisitionNumber": 1,
  "AcquisitionTime": "12:00:27.675000",
  "BandwidthPerPixelPhaseEncode": 25.202,
  "BaseResolution": 64,
  "BodyPartExamined": "BRAIN",
  "ConsistencyInfo": "N4_VD13C_LATEST_20121124",
  "ConversionSoftware": "dcm2niix",
  "ConversionSoftwareVersion": "v1.0.20201102",
  "DerivedVendorReportedEchoSpacing": 0.00061999,
  "DeviceSerialNumber": "45758",
  "DwellTime": 4.3e-06,
  "EchoTime": 0.03,
  "EchoTrainLength": 64,
  "EffectiveEchoSpacing": 0.00061999,
  "FlipAngle": 90,
  "ImageOrientationPatientDICOM": [0.999788, -0.0128284, 0.01611, 0.0139606, 0.997289, -0.0722514],
  "ImageType": [
    "ORIGINAL",
    "PRIMARY",
    "M",
    "ND",
    "MOSAIC"
],
  "ImagingFrequency": 123.2,
  "InPlanePhaseEncodingDirectionDICOM": "ROW",
  "InstitutionAddress": "Street StreetNo,City /652E4B/,District,KR,ZIP",
  "InstitutionName": "DGMIF",
  "InstitutionalDepartmentName": "Department",
  "MRAcquisitionType": "2D",
  "MagneticFieldStrength": 3,
  "Manufacturer": "Siemens",
  "ManufacturersModelName": "Skyra",
  "Modality": "MR",
  "PartialFourier": 1,
  "PatientPosition": "HFS",
  "PercentPhaseFOV": 100,
  "PercentSampling": 100,
  "PhaseEncodingDirection": "i",
  "PhaseEncodingSteps": 64,
  "PhaseResolution": 1,
  "PixelBandwidth": 1815,
  "ProcedureStepDescription": "DGMIF^DGIST_Jeon",
  "ProtocolName": "EPI_DGIST_2",
  "PulseSequenceDetails": "%SiemensSeq%\\ep2d_bold",
  "ReceiveCoilActiveElements": "HC1-6",
  "ReceiveCoilName": "HeadNeck_64",
  "ReconMatrixPE": 64,
  "RepetitionTime": 2,
  "SAR": 0.105957,
  "ScanOptions": "FS",
  "ScanningSequence": "EP",
  "SequenceName": "*epfid2d1_64",
  "SequenceVariant": "SK",
  "SeriesDescription": "EPI_DGIST_2",
  "SeriesNumber": 3,
  "ShimSetting": [-9725, -13691, -8142, 319, -354, 59, -404, -111],
  "SliceThickness": 4,
  "SliceTiming": [0.99, 0, 1.055, 0.065, 1.1225, 0.1325, 1.1875, 0.1975, 1.2525, 0.2625, 1.32, 0.33, 1.385, 0.395, 1.4525, 0.4625, 1.5175, 0.5275, 1.5825, 0.5925, 1.65, 0.66, 1.715, 0.725, 1.7825, 0.7925, 1.8475, 0.8575, 1.9125, 0.9225],
  "SoftwareVersions": "syngo MR D13C",
  "SpacingBetweenSlices": 4.8,
  "StationName": "AWP45758",
  "TaskName": "asrt",
  "TotalReadoutTime": 0.0390594,
  "TxRefAmp": 309.465,
  "dcmmeta_affine": [
    [-2.999363660812378, 0.0418817400932312, 0.07266952842473984, 91.05501556396484],
    [0.03848528489470482, 2.991866111755371, -0.34781286120414734, -120.73131561279297],
    [0.04833010956645012, 0.21675428748130798, 4.786830425262451, -66.98600769042969],
    [0.0, 0.0, 0.0, 1.0]
],
  "dcmmeta_reorient_transform": [
    [0.0, -1.0, 0.0, 63.0],
    [1.0, 0.0, 0.0, 0.0],
    [0.0, 0.0, 1.0, 0.0],
    [0.0, 0.0, 0.0, 1.0]
],
  "dcmmeta_shape": [64, 64, 30, 364],
  "dcmmeta_slice_dim": 2,
  "dcmmeta_version": 0.6,
  "global": {
    "const": {
      "AcquisitionMatrix": [0, 64, 64, 0],
      "AngioFlag": "N",
      "BitsAllocated": 16,
      "BitsStored": 12,
      "BodyPartExamined": "BRAIN",
      "Columns": 384,
      "EchoNumbers": 1,
      "EchoTime": 30.0,
      "EchoTrainLength": 64,
      "FlipAngle": 90.0,
      "HighBit": 11,
      "ImageOrientationPatient": [0.9997879265982, -0.0128284278741, 0.01611003621189, 0.0139605804831, 0.9972887411738, -0.0722514285018],
      "ImagePositionPatient": [-580.29285047274, -540.29721022382, -26.382616482188],
      "ImageType": [
        "ORIGINAL",
        "PRIMARY",
        "M",
        "ND",
        "MOSAIC"
],
      "ImagedNucleus": "1H",
      "ImagingFrequency": 123.200183,
      "InPlanePhaseEncodingDirection": "ROW",
      "MRAcquisitionType": "2D",
      "MagneticFieldStrength": 3.0,
      "Manufacturer": "SIEMENS",
      "ManufacturerModelName": "Skyra",
      "Modality": "MR",
      "NumberOfAverages": 1.0,
      "NumberOfPhaseEncodingSteps": 64,
      "PercentPhaseFieldOfView": 100.0,
      "PercentSampling": 100.0,
      "PerformedProcedureStepStartTime": "113757.716000",
      "PhotometricInterpretation": "MONOCHROME2",
      "PixelBandwidth": 1815.0,
      "PixelRepresentation": 0,
      "PixelSpacing": [3.0, 3.0],
      "ProtocolName": "EPI_DGIST_2",
      "RepetitionTime": 2000.0,
      "Rows": 384,
      "SAR": 0.1059565645669,
      "SamplesPerPixel": 1,
      "ScanOptions": "FS",
      "ScanningSequence": "EP",
      "SequenceName": "*epfid2d1_64",
      "SequenceVariant": "SK",
      "SeriesDescription": "EPI_DGIST_2",
      "SeriesNumber": 3,
      "SeriesTime": "120117.019000",
      "SliceLocation": -56.675378513702,
      "SliceThickness": 4.0,
      "SmallestImagePixelValue": 0,
      "SoftwareVersions": "syngo MR D13C",
      "SpacingBetweenSlices": 4.7999999626531,
      "SpecificCharacterSet": "ISO_IR 100",
      "StudyID": "1",
      "StudyTime": "113757.658000",
      "TimeOfLastCalibration": ["123723.000000", "123723.000000"],
      "TransmitCoilName": "Body",
      "VariableFlipAngleFlag": "N",
      "WindowCenterWidthExplanation": "Algo1",
      "dBdt": 0.0},
