{
  "AcquisitionMatrixPE": 256,
  "AcquisitionNumber": 1,
  "AcquisitionTime": "13:55:15.915000",
  "BaseResolution": 256,
  "BodyPartExamined": "BRAIN",
  "ConsistencyInfo": "N4_VE11C_LATEST_20160120",
  "ConversionSoftware": "dcm2niix",
  "ConversionSoftwareVersion": "v1.0.20201102",
  "DeviceSerialNumber": "45758",
  "DwellTime": 1.5e-05,
  "EchoTime": 0.00344,
  "FlipAngle": 9,
  "ImageOrientationPatientDICOM": [0.00267584, 0.999996, 3.06417e-09, 0.0106719, -2.85533e-05, -0.999943],
  "ImageType": [
    "ORIGINAL",
    "PRIMARY",
    "M",
    "ND",
    "NORM"
],
  "ImagingFrequency": 123.2,
  "InPlanePhaseEncodingDirectionDICOM": "ROW",
  "InstitutionAddress": "Street StreetNo,City /652E4B/,District,KR,ZIP",
  "InstitutionName": "DGMIF",
  "InstitutionalDepartmentName": "Department",
  "InversionTime": 1.15,
  "MRAcquisitionType": "3D",
  "MagneticFieldStrength": 3,
  "Manufacturer": "Siemens",
  "ManufacturersModelName": "Skyra",
  "Modality": "MR",
  "ParallelReductionFactorInPlane": 2,
  "PartialFourier": 1,
  "PatientPosition": "HFS",
  "PercentPhaseFOV": 100,
  "PercentSampling": 100,
  "PhaseEncodingSteps": 461,
  "PhaseOversampling": 0.8,
  "PhaseResolution": 1,
  "PixelBandwidth": 130,
  "ProcedureStepDescription": "DGMIF^DGIST",
  "ProtocolName": "MPRAGE_DGIST",
  "PulseSequenceDetails": "%SiemensSeq%\\tfl",
  "ReceiveCoilActiveElements": "HC1-7;NC1",
  "ReceiveCoilName": "HeadNeck_64",
  "ReconMatrixPE": 256,
  "RefLinesPE": 38,
  "RepetitionTime": 2.3,
  "SAR": 0.0642365,
  "ScanOptions": "IR",
  "ScanningSequence": "GR\\IR",
  "SequenceName": "*tfl3d1_16",
  "SequenceVariant": "SK\\SP\\MP\\OSP",
  "SeriesDescription": "MPRAGE_DGIST",
  "SeriesNumber": 6,
  "ShimSetting": [-9724, -13881, -8389, -3, -208, 174, -289, -66],
  "SliceThickness": 1,
  "SoftwareVersions": "syngo MR E11",
  "StationName": "AWP45758",
  "TxRefAmp": 340.654,
  "dcmmeta_affine": [
    [0.999939501285553, 0.0026758371386677027, 0.010671881958842278, -89.97916412353516],
    [-0.002675684867426753, 0.9999964237213135, -2.855325692507904e-05, -146.59951782226562],
    [-0.010671920143067837, -3.0641729154012864e-09, 0.9999430775642395, -146.84646606445312],
    [0.0, 0.0, 0.0, 1.0]
],
  "dcmmeta_reorient_transform": [
    [0.0, 0.0, -1.0, 255.0],
    [0.0, -1.0, 0.0, 255.0],
    [-1.0, 0.0, 0.0, 175.0],
    [0.0, 0.0, 0.0, 1.0]
],
  "dcmmeta_shape": [176, 256, 256],
  "dcmmeta_slice_dim": 0,
  "dcmmeta_version": 0.6,
  "global": {
    "const": {
      "AcquisitionMatrix": [0, 256, 256, 0],
      "AcquisitionNumber": 1,
      "AcquisitionTime": "135515.915000",
      "AngioFlag": "N",
      "BitsAllocated": 16,
      "BitsStored": 12,
      "BodyPartExamined": "BRAIN",
      "Columns": 256,
      "EchoNumbers": 1,
      "EchoTime": 3.44,
      "EchoTrainLength": 1,
      "FlipAngle": 9.0,
      "HighBit": 11,
      "ImageOrientationPatient": [0.00267583718064, 0.99999641994128, 3.064173e-09, 0.01067188197415, -2.85532568e-05, -0.9999430534385],
      "ImageType": [
        "ORIGINAL",
        "PRIMARY",
        "M",
        "ND",
        "NORM"
],
      "ImagedNucleus": "1H",
      "ImagingFrequency": 123.200218,
      "InPlanePhaseEncodingDirection": "ROW",
      "InversionTime": 1150.0,
      "MRAcquisitionType": "3D",
      "MagneticFieldStrength": 3.0,
      "Manufacturer": "SIEMENS",
      "ManufacturerModelName": "Skyra",
      "Modality": "MR",
      "NumberOfAverages": 1.0,
      "NumberOfPhaseEncodingSteps": 461,
      "PercentPhaseFieldOfView": 100.0,
      "PercentSampling": 100.0,
      "PerformedProcedureStepStartTime": "124845.495000",
      "PhotometricInterpretation": "MONOCHROME2",
      "PixelBandwidth": 130.0,
      "PixelRepresentation": 0,
      "PixelSpacing": [1.0, 1.0],
      "ProtocolName": "MPRAGE_DGIST",
      "RepetitionTime": 2300.0,
      "Rows": 256,
      "SAR": 0.06423648243524,
      "SamplesPerPixel": 1,
      "ScanOptions": "IR",
      "ScanningSequence": [
        "GR",
        "IR"
],
      "SequenceName": "*tfl3d1_16",
      "SequenceVariant": [
        "SK",
        "SP",
        "MP",
        "OSP"
],
      "SeriesDescription": "MPRAGE_DGIST",
      "SeriesNumber": 6,
      "SeriesTime": "140506.128000",
      "SliceThickness": 1.0,
      "SmallestImagePixelValue": 0,
      "SoftwareVersions": "syngo MR E11",
      "SpecificCharacterSet": "ISO_IR 100",
      "StudyID": "1",
      "StudyTime": "124845.414000",
      "TransmitCoilName": "Body",
      "VariableFlipAngleFlag": "N",
      "WindowCenterWidthExplanation": "Algo1",
      "dBdt": 0.0},
