{
  "AcquisitionMatrixPE": 64,
  "AcquisitionNumber": 1,
  "AcquisitionTime": "11:36:16.590000",
  "BandwidthPerPixelPhaseEncode": 25.202,
  "BaseResolution": 64,
  "BodyPartExamined": "BRAIN",
  "ConsistencyInfo": "N4_VD13C_LATEST_20121124",
  "ConversionSoftware": "dcm2niix",
  "ConversionSoftwareVersion": "v1.0.20201102",
  "DerivedVendorReportedEchoSpacing": 0.00061999,
  "DeviceSerialNumber": "45758",
  "DwellTime": 4.3e-06,
  "EchoTime": 0.03,
  "EchoTrainLength": 64,
  "EffectiveEchoSpacing": 0.00061999,
  "FlipAngle": 90,
  "ImageOrientationPatientDICOM": [0.999979, -0.0051584, -0.00394749, 0.00523593, 0.999789, 0.0198874],
  "ImageType": [
    "ORIGINAL",
    "PRIMARY",
    "M",
    "ND",
    "MOSAIC"
],
  "ImagingFrequency": 123.2,
  "InPlanePhaseEncodingDirectionDICOM": "ROW",
  "InstitutionAddress": "Street StreetNo,City /652E4B/,District,KR,ZIP",
  "InstitutionName": "DGMIF",
  "InstitutionalDepartmentName": "Department",
  "MRAcquisitionType": "2D",
  "MagneticFieldStrength": 3,
  "Manufacturer": "Siemens",
  "ManufacturersModelName": "Skyra",
  "Modality": "MR",
  "PartialFourier": 1,
  "PatientPosition": "HFS",
  "PercentPhaseFOV": 100,
  "PercentSampling": 100,
  "PhaseEncodingDirection": "i",
  "PhaseEncodingSteps": 64,
  "PhaseResolution": 1,
  "PixelBandwidth": 1815,
  "ProcedureStepDescription": "DGMIF^DGIST_Jeon",
  "ProtocolName": "EPI_DGIST_3",
  "PulseSequenceDetails": "%SiemensSeq%\\ep2d_bold",
  "ReceiveCoilActiveElements": "HC1-6",
  "ReceiveCoilName": "HeadNeck_64",
  "ReconMatrixPE": 64,
  "RepetitionTime": 2,
  "SAR": 0.127938,
  "ScanOptions": "FS",
  "ScanningSequence": "EP",
  "SequenceName": "*epfid2d1_64",
  "SequenceVariant": "SK",
  "SeriesDescription": "EPI_DGIST_3",
  "SeriesNumber": 4,
  "ShimSetting": [-9732, -13711, -8135, 267, -316, -33, -49, -122],
  "SliceThickness": 4,
  "SliceTiming": [0.99, 0, 1.0575, 0.0675, 1.1225, 0.1325, 1.1875, 0.1975, 1.255, 0.265, 1.32, 0.33, 1.385, 0.3975, 1.4525, 0.4625, 1.5175, 0.5275, 1.585, 0.595, 1.65, 0.66, 1.715, 0.7275, 1.7825, 0.7925, 1.8475, 0.8575, 1.915, 0.925],
  "SoftwareVersions": "syngo MR D13C",
  "SpacingBetweenSlices": 4.8,
  "StationName": "AWP45758",
  "TaskName": "asrt",
  "TotalReadoutTime": 0.0390594,
  "TxRefAmp": 338.041,
  "dcmmeta_affine": [
    [-2.999936819076538, 0.015707777813076973, -0.018451541662216187, 93.60110473632812],
    [0.015475201420485973, 2.9993655681610107, 0.09555690735578537, -119.58432006835938],
    [-0.011842479929327965, -0.05966232344508171, 4.799013137817383, -73.5631103515625],
    [0.0, 0.0, 0.0, 1.0]
],
  "dcmmeta_reorient_transform": [
    [0.0, -1.0, 0.0, 63.0],
    [1.0, 0.0, 0.0, 0.0],
    [0.0, 0.0, 1.0, 0.0],
    [0.0, 0.0, 0.0, 1.0]
],
  "dcmmeta_shape": [64, 64, 30, 364],
  "dcmmeta_slice_dim": 2,
  "dcmmeta_version": 0.6,
  "global": {
    "const": {
      "AcquisitionMatrix": [0, 64, 64, 0],
      "AngioFlag": "N",
      "BitsAllocated": 16,
      "BitsStored": 12,
      "BodyPartExamined": "BRAIN",
      "Columns": 384,
      "EchoNumbers": 1,
      "EchoTime": 30.0,
      "EchoTrainLength": 64,
      "FlipAngle": 90.0,
      "HighBit": 11,
      "ImageOrientationPatient": [0.99997890387716, -0.005158400557, -0.0039474934244, 0.00523592563135, 0.99978851503252, 0.01988744055579],
      "ImagePositionPatient": [-577.09381621687, -546.79816793804, -84.973012636075],
      "ImageType": [
        "ORIGINAL",
        "PRIMARY",
        "M",
        "ND",
        "MOSAIC"
],
      "ImagedNucleus": "1H",
      "ImagingFrequency": 123.200217,
      "InPlanePhaseEncodingDirection": "ROW",
      "MRAcquisitionType": "2D",
      "MagneticFieldStrength": 3.0,
      "Manufacturer": "SIEMENS",
      "ManufacturerModelName": "Skyra",
      "Modality": "MR",
      "NumberOfAverages": 1.0,
      "NumberOfPhaseEncodingSteps": 64,
      "PercentPhaseFieldOfView": 100.0,
      "PercentSampling": 100.0,
      "PerformedProcedureStepStartTime": "110015.552000",
      "PhotometricInterpretation": "MONOCHROME2",
      "PixelBandwidth": 1815.0,
      "PixelRepresentation": 0,
      "PixelSpacing": [3.0, 3.0],
      "ProtocolName": "EPI_DGIST_3",
      "RepetitionTime": 2000.0,
      "Rows": 384,
      "SAR": 0.1279382001248,
      "SamplesPerPixel": 1,
      "ScanOptions": "FS",
      "ScanningSequence": "EP",
      "SequenceName": "*epfid2d1_64",
      "SequenceVariant": "SK",
      "SeriesDescription": "EPI_DGIST_3",
      "SeriesNumber": 4,
      "SeriesTime": "113656.945000",
      "SliceLocation": -76.288446351666,
      "SliceThickness": 4.0,
      "SmallestImagePixelValue": 0,
      "SoftwareVersions": "syngo MR D13C",
      "SpacingBetweenSlices": 4.7999999283175,
      "SpecificCharacterSet": "ISO_IR 100",
      "StudyID": "1",
      "StudyTime": "110015.495000",
      "TimeOfLastCalibration": ["123723.000000", "123723.000000"],
      "TransmitCoilName": "Body",
      "VariableFlipAngleFlag": "N",
      "WindowCenterWidthExplanation": "Algo1",
      "dBdt": 0.0},
