{
  "AcquisitionMatrixPE": 64,
  "AcquisitionNumber": 1,
  "AcquisitionTime": "13:18:5.710000",
  "BandwidthPerPixelPhaseEncode": 25.202,
  "BaseResolution": 64,
  "BodyPartExamined": "BRAIN",
  "ConsistencyInfo": "N4_VE11C_LATEST_20160120",
  "ConversionSoftware": "dcm2niix",
  "ConversionSoftwareVersion": "v1.0.20201102",
  "DerivedVendorReportedEchoSpacing": 0.00061999,
  "DeviceSerialNumber": "45758",
  "DwellTime": 4.3e-06,
  "EchoTime": 0.03,
  "EchoTrainLength": 64,
  "EffectiveEchoSpacing": 0.00061999,
  "FlipAngle": 90,
  "ImageOrientationPatientDICOM": [0.999986, 0.00522328, -0.000747737, -0.00523596, 0.999822, -0.0181014],
  "ImageType": [
    "ORIGINAL",
    "PRIMARY",
    "M",
    "ND",
    "MOSAIC"
],
  "ImagingFrequency": 123.2,
  "InPlanePhaseEncodingDirectionDICOM": "ROW",
  "InstitutionAddress": "Street StreetNo,City /652E4B/,District,KR,ZIP",
  "InstitutionName": "DGMIF",
  "InstitutionalDepartmentName": "Department",
  "MRAcquisitionType": "2D",
  "MagneticFieldStrength": 3,
  "Manufacturer": "Siemens",
  "ManufacturersModelName": "Skyra",
  "Modality": "MR",
  "PartialFourier": 1,
  "PatientPosition": "HFS",
  "PercentPhaseFOV": 100,
  "PercentSampling": 100,
  "PhaseEncodingDirection": "i",
  "PhaseEncodingSteps": 64,
  "PhaseResolution": 1,
  "PixelBandwidth": 1815,
  "ProcedureStepDescription": "DGMIF^DGIST",
  "ProtocolName": "EPI_DGIST_3",
  "PulseSequenceDetails": "%SiemensSeq%\\ep2d_bold",
  "ReceiveCoilActiveElements": "HC1-7",
  "ReceiveCoilName": "HeadNeck_64",
  "ReconMatrixPE": 64,
  "RepetitionTime": 2,
  "SAR": 0.141053,
  "ScanOptions": "FS",
  "ScanningSequence": "EP",
  "SequenceName": "*epfid2d1_64",
  "SequenceVariant": "SK",
  "SeriesDescription": "EPI_DGIST_3",
  "SeriesNumber": 4,
  "ShimSetting": [-9751, -13739, -8174, 293, -484, -583, -486, -77],
  "SliceThickness": 4,
  "SliceTiming": [0.9875, 0, 1.055, 0.065, 1.12, 0.13, 1.1875, 0.1975, 1.2525, 0.2625, 1.3175, 0.33, 1.385, 0.395, 1.45, 0.46, 1.5175, 0.5275, 1.5825, 0.5925, 1.6475, 0.6575, 1.715, 0.725, 1.78, 0.79, 1.8475, 0.8575, 1.9125, 0.9225],
  "SoftwareVersions": "syngo MR E11",
  "SpacingBetweenSlices": 4.8,
  "StationName": "AWP45758",
  "TaskName": "asrt",
  "TotalReadoutTime": 0.0390594,
  "TxRefAmp": 318.968,
  "dcmmeta_affine": [
    [-2.9999582767486572, -0.015707887709140778, -0.0031346643809229136, 94.25601959228516],
    [-0.015669846907258034, 2.999467372894287, -0.08690425008535385, -118.25608825683594],
    [-0.002243209630250931, 0.05430416390299797, 4.799212455749512, -58.72024154663086],
    [0.0, 0.0, 0.0, 1.0]
],
  "dcmmeta_reorient_transform": [
    [0.0, -1.0, 0.0, 63.0],
    [1.0, 0.0, 0.0, 0.0],
    [0.0, 0.0, 1.0, 0.0],
    [0.0, 0.0, 0.0, 1.0]
],
  "dcmmeta_shape": [64, 64, 30, 364],
  "dcmmeta_slice_dim": 2,
  "dcmmeta_version": 0.6,
  "global": {
    "const": {
      "AcquisitionMatrix": [0, 64, 64, 0],
      "AngioFlag": "N",
      "BitsAllocated": 16,
      "BitsStored": 12,
      "BodyPartExamined": "BRAIN",
      "Columns": 384,
      "EchoNumbers": 1,
      "EchoTime": 30.0,
      "EchoTrainLength": 64,
      "FlipAngle": 90.0,
      "HighBit": 11,
      "ImageOrientationPatient": [0.99998607900923, 0.00522328228748, -0.0007477365156, -0.0052359628339, 0.99982244645678, -0.0181013881893],
      "ImagePositionPatient": [-570.74648150781, -553.13230716392, -46.251500971708],
      "ImageType": [
        "ORIGINAL",
        "PRIMARY",
        "M",
        "ND",
        "MOSAIC"
],
      "ImagedNucleus": "1H",
      "ImagingFrequency": 123.200156,
      "InPlanePhaseEncodingDirection": "ROW",
      "MRAcquisitionType": "2D",
      "MagneticFieldStrength": 3.0,
      "Manufacturer": "SIEMENS",
      "ManufacturerModelName": "Skyra",
      "Modality": "MR",
      "NumberOfAverages": 1.0,
      "NumberOfPhaseEncodingSteps": 64,
      "PercentPhaseFieldOfView": 100.0,
      "PercentSampling": 100.0,
      "PerformedProcedureStepStartTime": "124122.220000",
      "PhotometricInterpretation": "MONOCHROME2",
      "PixelBandwidth": 1815.0,
      "PixelRepresentation": 0,
      "PixelSpacing": [3.0, 3.0],
      "ProtocolName": "EPI_DGIST_3",
      "RepetitionTime": 2000.0,
      "Rows": 384,
      "SAR": 0.14105329928737,
      "SamplesPerPixel": 1,
      "ScanOptions": "FS",
      "ScanningSequence": "EP",
      "SequenceName": "*epfid2d1_64",
      "SequenceVariant": "SK",
      "SeriesDescription": "EPI_DGIST_3",
      "SeriesNumber": 4,
      "SeriesTime": "131855.565000",
      "SliceLocation": -56.631127734001,
      "SliceThickness": 4.0,
      "SmallestImagePixelValue": 0,
      "SoftwareVersions": "syngo MR E11",
      "SpacingBetweenSlices": 4.8000000169705,
      "SpecificCharacterSet": "ISO_IR 100",
      "StudyID": "1",
      "StudyTime": "124122.151000",
      "TransmitCoilName": "Body",
      "VariableFlipAngleFlag": "N",
      "WindowCenterWidthExplanation": "Algo1",
      "dBdt": 0.0},
